PATH
  remote: .
  specs:
    mail2kannel (0.0.1)

GEM
  remote: http://rubygems.org/
  specs:
    activesupport (3.0.4)
    fssm (0.2.5)
    i18n (0.5.0)
    inifile (0.4.0)
    mail (2.2.15)
      activesupport (>= 2.3.6)
      i18n (>= 0.4.0)
      mime-types (~> 1.16)
      treetop (~> 1.4.8)
    mime-types (1.16)
    polyglot (0.3.1)
    rb-fsevent (0.3.10)
    treetop (1.4.9)
      polyglot (>= 0.3.1)

PLATFORMS
  ruby

DEPENDENCIES
  fssm
  inifile
  mail
  mail2kannel!
  rb-fsevent
